GIT
  remote: git@github.com:mitchellhenke/timber-ruby.git
  revision: 3c0194f5152067c87e24896eb580b0f4bf9218e4
  branch: 3.0
  specs:
    timber (3.0.0.alpha.0)
      msgpack (~> 1.0)

PATH
  remote: .
  specs:
    timber-rack (0.1.0)

GEM
  remote: https://rubygems.org/
  specs:
    diff-lcs (1.3)
    msgpack (1.2.4)
    rake (10.5.0)
    rspec (3.8.0)
      rspec-core (~> 3.8.0)
      rspec-expectations (~> 3.8.0)
      rspec-mocks (~> 3.8.0)
    rspec-core (3.8.0)
      rspec-support (~> 3.8.0)
    rspec-expectations (3.8.2)
      diff-lcs (>= 1.2.0, < 2.0)
      rspec-support (~> 3.8.0)
    rspec-mocks (3.8.0)
      diff-lcs (>= 1.2.0, < 2.0)
      rspec-support (~> 3.8.0)
    rspec-support (3.8.0)

PLATFORMS
  ruby

DEPENDENCIES
  bundler (~> 1.0)
  rake (~> 10.0)
  rspec (~> 3.0)
  timber!
  timber-rack!

BUNDLED WITH
   1.17.3
